GEM
  remote: http://geminabox.lsqa.net/
  remote: https://rubygems.org/
  remote: http://gems.livingsocial.net/
  specs:
    i18n (0.6.5)
    json (1.8.0)
    json (1.8.0-java)
    multi_json (1.8.1)

PLATFORMS
  java
  ruby

DEPENDENCIES
  i18n (~> 0.6.5)
  json
  multi_json (~> 1.8.1)
